GEM
  remote: https://rubygems.org/
  specs:
    ffi (1.9.18)
    libreconv (0.9.1)
      spoon
    mini_portile2 (2.2.0)
    nokogiri (1.8.0)
      mini_portile2 (~> 2.2.0)
    rubyXL (3.3.26)
      nokogiri (>= 1.4.4)
      rubyzip (>= 1.1.6)
    rubyzip (1.2.1)
    spoon (0.0.6)
      ffi

PLATFORMS
  ruby

DEPENDENCIES
  libreconv
  rubyXL

BUNDLED WITH
   1.13.3
