GEM
  remote: https://rubygems.org/
  specs:
    coderay (1.1.2)
    ffi (1.9.18)
    libreconv (0.9.1)
      spoon
    method_source (0.9.0)
    mini_portile2 (2.3.0)
    nokogiri (1.8.2)
      mini_portile2 (~> 2.3.0)
    pry (0.11.3)
      coderay (~> 1.1.0)
      method_source (~> 0.9.0)
    rubyXL (3.3.29)
      nokogiri (>= 1.4.4)
      rubyzip (>= 1.1.6)
    rubyzip (1.2.1)
    spoon (0.0.6)
      ffi

PLATFORMS
  ruby

DEPENDENCIES
  libreconv
  pry
  rubyXL
  rubyzip

BUNDLED WITH
   1.16.1
